GEM
  remote: https://rubygems.org/
  specs:
    diff-lcs (1.5.0)
    psych (5.1.2)
      stringio
    rake (13.0.6)
    rdoc (6.5.1.1)
      psych (>= 4.0.0)
    rspec (3.12.0)
      rspec-core (~> 3.12.0)
      rspec-expectations (~> 3.12.0)
      rspec-mocks (~> 3.12.0)
    rspec-core (3.12.2)
      rspec-support (~> 3.12.0)
    rspec-expectations (3.12.3)
      diff-lcs (>= 1.2.0, < 2.0)
      rspec-support (~> 3.12.0)
    rspec-mocks (3.12.6)
      diff-lcs (>= 1.2.0, < 2.0)
      rspec-support (~> 3.12.0)
    rspec-support (3.12.1)
    stringio (3.1.0)

PLATFORMS
  ruby

DEPENDENCIES
  rake (~> 13.0.6)
  rdoc (~> 6.5.1)
  rspec (~> 3.12.0)

BUNDLED WITH
   2.1.4
